GEM
  remote: https://rubygems.org/
  specs:
    daemons (1.1.9)
    mkfifo (0.0.1)
    ruby-dbus (0.9.2)
    xmpp4r (0.5)

PLATFORMS
  ruby

DEPENDENCIES
  daemons
  mkfifo
  ruby-dbus
  xmpp4r
